PATH
  remote: .
  specs:
    splib (1.4.3)

GEM
  remote: http://rubygems.org/
  specs:
    rake (0.9.2.2)

PLATFORMS
  ruby

DEPENDENCIES
  rake
  splib!
