PATH
  remote: .
  specs:
    splib (1.4.3)
      celluloid

GEM
  remote: http://rubygems.org/
  specs:
    celluloid (0.12.4)
      facter (>= 1.6.12)
      timers (>= 1.0.0)
    facter (1.6.16)
    rake (0.9.2.2)
    timers (1.0.2)

PLATFORMS
  java
  ruby

DEPENDENCIES
  rake
  splib!
